PATH
  remote: .
  specs:
    childprocess (0.3.0)
      ffi (~> 1.0.6)

GEM
  remote: http://rubygems.org/
  specs:
    diff-lcs (1.1.2)
    ffi (1.0.11)
    rake (0.9.2.2)
    rspec (2.6.0)
      rspec-core (~> 2.6.0)
      rspec-expectations (~> 2.6.0)
      rspec-mocks (~> 2.6.0)
    rspec-core (2.6.4)
    rspec-expectations (2.6.0)
      diff-lcs (~> 1.1.2)
    rspec-mocks (2.6.0)
    yard (0.7.2)

PLATFORMS
  x86-mingw32

DEPENDENCIES
  childprocess!
  rake (~> 0.9.2)
  rspec (>= 2.0.0)
  yard
